GEM
  remote: https://rubygems.org/
  specs:
    actioncable (7.0.8.5)
      actionpack (= 7.0.8.5)
      activesupport (= 7.0.8.5)
      nio4r (~> 2.0)
      websocket-driver (>= 0.6.1)
    actionmailbox (7.0.8.5)
      actionpack (= 7.0.8.5)
      activejob (= 7.0.8.5)
      activerecord (= 7.0.8.5)
      activestorage (= 7.0.8.5)
      activesupport (= 7.0.8.5)
      mail (>= 2.7.1)
      net-imap
      net-pop
      net-smtp
    actionmailer (7.0.8.5)
      actionpack (= 7.0.8.5)
      actionview (= 7.0.8.5)
      activejob (= 7.0.8.5)
      activesupport (= 7.0.8.5)
      mail (~> 2.5, >= 2.5.4)
      net-imap
      net-pop
      net-smtp
      rails-dom-testing (~> 2.0)
    actionpack (7.0.8.5)
      actionview (= 7.0.8.5)
      activesupport (= 7.0.8.5)
      rack (~> 2.0, >= 2.2.4)
      rack-test (>= 0.6.3)
      rails-dom-testing (~> 2.0)
      rails-html-sanitizer (~> 1.0, >= 1.2.0)
    actiontext (7.0.8.5)
      actionpack (= 7.0.8.5)
      activerecord (= 7.0.8.5)
      activestorage (= 7.0.8.5)
      activesupport (= 7.0.8.5)
      globalid (>= 0.6.0)
      nokogiri (>= 1.8.5)
    actionview (7.0.8.5)
      activesupport (= 7.0.8.5)
      builder (~> 3.1)
      erubi (~> 1.4)
      rails-dom-testing (~> 2.0)
      rails-html-sanitizer (~> 1.1, >= 1.2.0)
    activejob (7.0.8.5)
      activesupport (= 7.0.8.5)
      globalid (>= 0.3.6)
    activemodel (7.0.8.5)
      activesupport (= 7.0.8.5)
    activerecord (7.0.8.5)
      activemodel (= 7.0.8.5)
      activesupport (= 7.0.8.5)
    activestorage (7.0.8.5)
      actionpack (= 7.0.8.5)
      activejob (= 7.0.8.5)
      activerecord (= 7.0.8.5)
      activesupport (= 7.0.8.5)
      marcel (~> 1.0)
      mini_mime (>= 1.1.0)
    activesupport (7.0.8.5)
      concurrent-ruby (~> 1.0, >= 1.0.2)
      i18n (>= 1.6, < 2)
      minitest (>= 5.1)
      tzinfo (~> 2.0)
    ansi (1.5.0)
    aws-eventstream (1.3.0)
    aws-partitions (1.974.0)
    aws-sdk-core (3.205.0)
      aws-eventstream (~> 1, >= 1.3.0)
      aws-partitions (~> 1, >= 1.651.0)
      aws-sigv4 (~> 1.9)
      jmespath (~> 1, >= 1.6.1)
    aws-sdk-kms (1.91.0)
      aws-sdk-core (~> 3, >= 3.205.0)
      aws-sigv4 (~> 1.5)
    aws-sdk-s3 (1.162.0)
      aws-sdk-core (~> 3, >= 3.205.0)
      aws-sdk-kms (~> 1)
      aws-sigv4 (~> 1.5)
    aws-sigv4 (1.9.1)
      aws-eventstream (~> 1, >= 1.0.2)
    base64 (0.2.0)
    bigdecimal (3.1.8)
    bootsnap (1.18.4)
      msgpack (~> 1.2)
    builder (3.3.0)
    byebug (11.1.3)
    coderay (1.1.3)
    concurrent-ruby (1.3.4)
    crass (1.0.6)
    date (3.3.4)
    diff-lcs (1.5.1)
    docile (1.4.1)
    dotenv (3.1.2)
    dotenv-rails (3.1.2)
      dotenv (= 3.1.2)
      railties (>= 6.1)
    erubi (1.13.0)
    ffi (1.17.0)
    formatador (1.1.0)
    globalid (1.2.1)
      activesupport (>= 6.1)
    guard (2.18.1)
      formatador (>= 0.2.4)
      listen (>= 2.7, < 4.0)
      lumberjack (>= 1.0.12, < 2.0)
      nenv (~> 0.1)
      notiffany (~> 0.0)
      pry (>= 0.13.0)
      shellany (~> 0.0)
      thor (>= 0.18.1)
    guard-compat (1.2.1)
    guard-rspec (4.7.3)
      guard (~> 2.1)
      guard-compat (~> 1.1)
      rspec (>= 2.99.0, < 4.0)
    i18n (1.14.6)
      concurrent-ruby (~> 1.0)
    jmespath (1.6.2)
    jwt (2.8.2)
      base64
    listen (3.9.0)
      rb-fsevent (~> 0.10, >= 0.10.3)
      rb-inotify (~> 0.9, >= 0.9.10)
    loofah (2.22.0)
      crass (~> 1.0.2)
      nokogiri (>= 1.12.0)
    lumberjack (1.2.10)
    mail (2.8.1)
      mini_mime (>= 0.1.1)
      net-imap
      net-pop
      net-smtp
    marcel (1.0.4)
    method_source (1.1.0)
    mime-types (3.5.2)
      mime-types-data (~> 3.2015)
    mime-types-data (3.2024.0903)
    mini_mime (1.1.5)
    mini_portile2 (2.8.7)
    minitest (5.25.1)
    msgpack (1.7.2)
    nenv (0.3.0)
    net-imap (0.4.16)
      date
      net-protocol
    net-pop (0.1.2)
      net-protocol
    net-protocol (0.2.2)
      timeout
    net-smtp (0.5.0)
      net-protocol
    nio4r (2.7.3)
    nokogiri (1.16.7)
      mini_portile2 (~> 2.8.2)
      racc (~> 1.4)
    notiffany (0.1.3)
      nenv (~> 0.1)
      shellany (~> 0.0)
    pry (0.14.2)
      coderay (~> 1.1)
      method_source (~> 1.0)
    puma (6.4.2)
      nio4r (~> 2.0)
    racc (1.8.1)
    rack (2.2.10)
    rack-test (2.1.0)
      rack (>= 1.3)
    rails (7.0.8.5)
      actioncable (= 7.0.8.5)
      actionmailbox (= 7.0.8.5)
      actionmailer (= 7.0.8.5)
      actionpack (= 7.0.8.5)
      actiontext (= 7.0.8.5)
      actionview (= 7.0.8.5)
      activejob (= 7.0.8.5)
      activemodel (= 7.0.8.5)
      activerecord (= 7.0.8.5)
      activestorage (= 7.0.8.5)
      activesupport (= 7.0.8.5)
      bundler (>= 1.15.0)
      railties (= 7.0.8.5)
    rails-dom-testing (2.2.0)
      activesupport (>= 5.0.0)
      minitest
      nokogiri (>= 1.6)
    rails-html-sanitizer (1.6.0)
      loofah (~> 2.21)
      nokogiri (~> 1.14)
    railties (7.0.8.5)
      actionpack (= 7.0.8.5)
      activesupport (= 7.0.8.5)
      method_source
      rake (>= 12.2)
      thor (~> 1.0)
      zeitwerk (~> 2.5)
    rake (13.2.1)
    rb-fsevent (0.11.2)
    rb-inotify (0.11.1)
      ffi (~> 1.0)
    rspec (3.13.0)
      rspec-core (~> 3.13.0)
      rspec-expectations (~> 3.13.0)
      rspec-mocks (~> 3.13.0)
    rspec-core (3.13.1)
      rspec-support (~> 3.13.0)
    rspec-expectations (3.13.3)
      diff-lcs (>= 1.2.0, < 2.0)
      rspec-support (~> 3.13.0)
    rspec-mocks (3.13.1)
      diff-lcs (>= 1.2.0, < 2.0)
      rspec-support (~> 3.13.0)
    rspec-rails (7.0.1)
      actionpack (>= 7.0)
      activesupport (>= 7.0)
      railties (>= 7.0)
      rspec-core (~> 3.13)
      rspec-expectations (~> 3.13)
      rspec-mocks (~> 3.13)
      rspec-support (~> 3.13)
    rspec-support (3.13.1)
    sentry-rails (5.19.0)
      railties (>= 5.0)
      sentry-ruby (~> 5.19.0)
    sentry-ruby (5.19.0)
      bigdecimal
      concurrent-ruby (~> 1.0, >= 1.0.2)
    shellany (0.0.1)
    simplecov (0.22.0)
      docile (~> 1.1)
      simplecov-html (~> 0.11)
      simplecov_json_formatter (~> 0.1)
    simplecov-console (0.9.1)
      ansi
      simplecov
      terminal-table
    simplecov-html (0.13.1)
    simplecov_json_formatter (0.1.4)
    terminal-table (3.0.2)
      unicode-display_width (>= 1.1.1, < 3)
    thor (1.3.2)
    timeout (0.4.1)
    tzinfo (2.0.6)
      concurrent-ruby (~> 1.0)
    tzinfo-data (1.2024.2)
      tzinfo (>= 1.0.0)
    unicode-display_width (2.6.0)
    websocket-driver (0.7.6)
      websocket-extensions (>= 0.1.0)
    websocket-extensions (0.1.5)
    zeitwerk (2.6.18)

PLATFORMS
  ruby

DEPENDENCIES
  aws-sdk-s3 (~> 1)
  bootsnap (>= 1.1.0)
  byebug
  dotenv-rails
  guard-rspec
  jwt
  mime-types
  puma (~> 6.4)
  rails (~> 7.0.6)
  rspec-rails
  sentry-rails (~> 5.13)
  sentry-ruby (~> 5.13)
  simplecov
  simplecov-console
  tzinfo-data

RUBY VERSION
   ruby 3.2.2p53

BUNDLED WITH
   2.4.22
